GEM
  specs:
    sass (3.4.13)

PLATFORMS
  ruby

DEPENDENCIES
  sass (= 3.4.13)
